GEM
  remote: https://rubygems.org/
  specs:
    bubble-wrap (1.3.0)
    motion-redgreen (0.1.0)
    rake (10.0.4)

PLATFORMS
  ruby

DEPENDENCIES
  bubble-wrap
  motion-redgreen
  rake
